PATH
  remote: .
  specs:
    storehouse_client (0.0.8)
      crack
      rest-client

GEM
  remote: https://rubygems.org/
  specs:
    builder (3.2.2)
    crack (0.4.1)
      safe_yaml (~> 0.9.0)
    diff-lcs (1.2.1)
    dnsruby (1.54)
    excon (0.25.3)
    fog (1.14.0)
      builder
      excon (~> 0.25.0)
      formatador (~> 0.2.0)
      mime-types
      multi_json (~> 1.0)
      net-scp (~> 1.1)
      net-ssh (>= 2.1.3)
      nokogiri (~> 1.5)
      ruby-hmac
    formatador (0.2.4)
    gemcutter (0.7.1)
    mime-types (1.23)
    mini_portile (0.5.1)
    multi_json (1.7.8)
    net-scp (1.1.2)
      net-ssh (>= 2.6.5)
    net-ssh (2.6.8)
    nokogiri (1.6.0)
      mini_portile (~> 0.5.0)
    rest-client (1.6.7)
      mime-types (>= 1.16)
    rspec (2.13.0)
      rspec-core (~> 2.13.0)
      rspec-expectations (~> 2.13.0)
      rspec-mocks (~> 2.13.0)
    rspec-core (2.13.0)
    rspec-expectations (2.13.0)
      diff-lcs (>= 1.1.3, < 2.0)
    rspec-mocks (2.13.0)
    ruby-hmac (0.4.0)
    safe_yaml (0.9.5)

PLATFORMS
  ruby

DEPENDENCIES
  dnsruby
  fog
  gemcutter
  rspec
  storehouse_client!
